GIT
  remote: https://github.com/sinatra/mustermann.git
  revision: 68e2b24e50d72805546c09aefd6c71a518f7ffa9
  specs:
    mustermann (1.1.1)
      ruby2_keywords (~> 0.0.1)
    support (0.0.1)
      addressable
      coveralls
      rack-test
      rake
      rspec
      rspec-its
      simplecov
      sinatra (~> 1.4)
      tool (~> 0.2)
      yard

PATH
  remote: .
  specs:
    mustermann-grape (1.0.2)
      mustermann (>= 1.0.0)

GEM
  remote: https://rubygems.org/
  specs:
    addressable (2.8.0)
      public_suffix (>= 2.0.2, < 5.0)
    coveralls (0.7.2)
      multi_json (~> 1.3)
      rest-client (= 1.6.7)
      simplecov (>= 0.7)
      term-ansicolor (= 1.2.2)
      thor (= 0.18.1)
    diff-lcs (1.4.4)
    docile (1.4.0)
    mime-types (3.3.1)
      mime-types-data (~> 3.2015)
    mime-types-data (3.2021.0901)
    multi_json (1.15.0)
    public_suffix (4.0.6)
    rack (1.6.13)
    rack-protection (1.5.5)
      rack
    rack-test (1.1.0)
      rack (>= 1.0, < 3)
    rake (13.0.6)
    rest-client (1.6.7)
      mime-types (>= 1.16)
    rspec (3.10.0)
      rspec-core (~> 3.10.0)
      rspec-expectations (~> 3.10.0)
      rspec-mocks (~> 3.10.0)
    rspec-core (3.10.1)
      rspec-support (~> 3.10.0)
    rspec-expectations (3.10.1)
      diff-lcs (>= 1.2.0, < 2.0)
      rspec-support (~> 3.10.0)
    rspec-its (1.3.0)
      rspec-core (>= 3.0.0)
      rspec-expectations (>= 3.0.0)
    rspec-mocks (3.10.2)
      diff-lcs (>= 1.2.0, < 2.0)
      rspec-support (~> 3.10.0)
    rspec-support (3.10.2)
    ruby2_keywords (0.0.5)
    simplecov (0.21.2)
      docile (~> 1.1)
      simplecov-html (~> 0.11)
      simplecov_json_formatter (~> 0.1)
    simplecov-html (0.12.3)
    simplecov_json_formatter (0.1.3)
    sinatra (1.4.8)
      rack (~> 1.5)
      rack-protection (~> 1.4)
      tilt (>= 1.3, < 3)
    term-ansicolor (1.2.2)
      tins (~> 0.8)
    thor (0.18.1)
    tilt (2.0.10)
    tins (0.13.2)
    tool (0.2.3)
    yard (0.9.26)

PLATFORMS
  ruby

DEPENDENCIES
  mustermann-grape!
  rake
  rspec-core
  support!

BUNDLED WITH
   2.1.4
